PATH
  remote: benchmark_driver-output-sky2
  specs:
    benchmark_driver-output-sky2 (0.1.0)

GEM
  remote: https://rubygems.org/
  specs:
    benchmark_driver (0.14.15)

PLATFORMS
  ruby

DEPENDENCIES
  benchmark_driver
  benchmark_driver-output-sky2!

BUNDLED WITH
   1.17.2
